PATH
  remote: .
  specs:
    restrack (1.1.2)
      activesupport
      builder
      i18n
      json
      mime-types
      rack
      xml-simple (>= 1.0.13)

GEM
  remote: http://rubygems.org/
  specs:
    activesupport (3.1.0)
      multi_json (~> 1.0)
    builder (3.0.0)
    i18n (0.6.0)
    json (1.5.4)
    mime-types (1.16)
    multi_json (1.0.3)
    rack (2.0.8)
    rack-test (0.6.1)
      rack (>= 1.0)
    xml-simple (1.1.0)

PLATFORMS
  ruby

DEPENDENCIES
  rack-test
  restrack!
